GEM
  remote: https://rubygems.org/
  specs:
    headless (2.3.1)
    httparty (0.21.0)
      mini_mime (>= 1.0.0)
      multi_xml (>= 0.5.2)
    mini_mime (1.1.5)
    multi_xml (0.6.0)
    nokogiri (1.15.4-arm64-darwin)
      racc (~> 1.4)
    nokogiri (1.15.4-x86_64-darwin)
      racc (~> 1.4)
    nokogiri (1.15.4-x86_64-linux)
      racc (~> 1.4)
    racc (1.7.1)
    regexp_parser (2.8.2)
    rexml (3.2.6)
    rubyzip (2.3.2)
    selenium-webdriver (4.14.0)
      rexml (~> 3.2, >= 3.2.5)
      rubyzip (>= 1.2.2, < 3.0)
      websocket (~> 1.0)
    watir (7.3.0)
      regexp_parser (>= 1.2, < 3)
      selenium-webdriver (~> 4.2)
    websocket (1.2.10)

PLATFORMS
  arm64-darwin-21
  x86_64-darwin-21
  x86_64-linux

DEPENDENCIES
  headless (~> 2.3)
  httparty (~> 0.21.0)
  nokogiri (~> 1.15)
  racc (~> 1.7)
  watir (~> 7.3)

BUNDLED WITH
   2.3.10
